GEM
  remote: https://rubygems.org/
  specs:
    dotenv (2.8.1)
    minitest (5.17.0)

PLATFORMS
  -darwin-22

DEPENDENCIES
  dotenv (~> 2.8.1)
  minitest (~> 5.17.0)

BUNDLED WITH
   2.4.7
